PATH
  remote: .
  specs:
    jbuilder_cache_multi (0.1.0)
      jbuilder (>= 1.5.0, < 3)

GEM
  remote: https://rubygems.org/
  specs:
    activesupport (5.1.1)
      concurrent-ruby (~> 1.0, >= 1.0.2)
      i18n (~> 0.7)
      minitest (~> 5.1)
      tzinfo (~> 1.1)
    appraisal (2.1.0)
      bundler
      rake
      thor (>= 0.14.0)
    concurrent-ruby (1.0.5)
    i18n (0.8.4)
    jbuilder (2.7.0)
      activesupport (>= 4.2.0)
      multi_json (>= 1.2)
    metaclass (0.0.4)
    minitest (5.10.2)
    mocha (1.1.0)
      metaclass (~> 0.0.1)
    multi_json (1.12.1)
    power_assert (0.2.2)
    rake (10.4.2)
    test-unit (3.0.8)
      power_assert
    thor (0.19.1)
    thread_safe (0.3.6)
    tzinfo (1.2.3)
      thread_safe (~> 0.1)

PLATFORMS
  ruby

DEPENDENCIES
  appraisal
  jbuilder_cache_multi!
  mocha
  rake
  test-unit

BUNDLED WITH
   1.15.1
